GIT
  remote: git://github.com/codeschool/fakefs.git
  revision: 6ae3212e3dab013b4b5e290d1aceba6466b30dec
  ref: 6ae3212e3dab013b4b5e290d1aceba6466b30dec
  specs:
    fakefs (0.4.0)

PATH
  remote: .
  specs:
    jruby-safe (0.2.2-java)
      fakefs

GEM
  remote: http://rubygems.org/
  specs:
    diff-lcs (1.1.2)
    rake (0.9.2)
    rake-compiler (0.7.9)
      rake
    rspec (2.6.0)
      rspec-core (~> 2.6.0)
      rspec-expectations (~> 2.6.0)
      rspec-mocks (~> 2.6.0)
    rspec-core (2.6.4)
    rspec-expectations (2.6.0)
      diff-lcs (~> 1.1.2)
    rspec-mocks (2.6.0)
    yard (0.7.2)

PLATFORMS
  java

DEPENDENCIES
  fakefs!
  jruby-safe!
  rake
  rake-compiler
  rspec
  yard
